NUGET
  remote: http://www.nuget.org/api/v2
  specs:
    Aether (8.1.0)
    Arachne.Core (3.0.0-b083)
      FParsec (>= 1.0.0 < 2.0.0)
    Arachne.Http (3.0.0-b083)
      Arachne.Core (>= 3.0.0-b083)
      Arachne.Language (>= 3.0.0-b083)
      Arachne.Uri (>= 3.0.0-b083)
      FParsec (>= 1.0.0 < 2.0.0)
    Arachne.Language (3.0.0-b083)
      Arachne.Core (>= 3.0.0-b083)
      FParsec (>= 1.0.0 < 2.0.0)
    Arachne.Uri (3.0.0-b083)
      Arachne.Core (>= 3.0.0-b083)
      FParsec (>= 1.0.0 < 2.0.0)
    Arachne.Uri.Template (3.0.0-b083)
      Arachne.Core (>= 3.0.0-b083)
      Arachne.Uri (>= 3.0.0-b083)
      FParsec (>= 1.0.0 < 2.0.0)
    FParsec (1.0.2)
    Hekate (3.0.0)
      Aether (>= 8.0.2 < 9.0.0)
  remote: http://www.myget.org/F/freya/api/v2
  specs:
    Freya.Core (4.0.0-alpha003)
      Aether (>= 8.1.0 < 9.0.0)
    Freya.Optics (4.0.0-alpha002)
      Aether (>= 8.1.0 < 9.0.0)
    Freya.Optics.Http (4.0.0-alpha002)
      Aether (>= 8.1.0 < 9.0.0)
      Arachne.Http (>= 3.0.0-b083 < 3.1.0)
      Arachne.Uri (>= 3.0.0-b083 < 3.1.0)
      Freya.Core (>= 4.0.0-alpha001 < 4.1.0)
      Freya.Optics (>= 4.0.0-alpha002)

GROUP Build
NUGET
  remote: http://www.nuget.org/api/v2
  specs:
    FAKE (4.14.5)
GITHUB
  remote: xyncro/build
  specs:
    build.fsx (1407924c1087499b7e553ee1270de91844c98c2a)
GROUP Test
FRAMEWORK: >= NET45
NUGET
  remote: http://www.nuget.org/api/v2
  specs:
    Unquote (3.1.0)
    xunit (2.1.0)
      xunit.assert (2.1.0)
      xunit.core (2.1.0)
    xunit.abstractions (2.0.0)
    xunit.assert (2.1.0)
    xunit.core (2.1.0)
      xunit.extensibility.core (2.1.0)
      xunit.extensibility.execution (2.1.0)
    xunit.extensibility.core (2.1.0)
      xunit.abstractions (2.0.0)
    xunit.extensibility.execution (2.1.0)
      xunit.extensibility.core (2.1.0)
    xunit.runner.console (2.1.0)
